GEM
  remote: https://rubygems.org/
  remote: http://rails-assets.org/
  specs:
    actionmailer (4.1.7)
      actionpack (= 4.1.7)
      actionview (= 4.1.7)
      mail (~> 2.5, >= 2.5.4)
    actionpack (4.1.7)
      actionview (= 4.1.7)
      activesupport (= 4.1.7)
      rack (~> 1.5.2)
      rack-test (~> 0.6.2)
    actionview (4.1.7)
      activesupport (= 4.1.7)
      builder (~> 3.1)
      erubis (~> 2.7.0)
    active_model_serializers (0.8.3)
      activemodel (>= 3.0)
    activemodel (4.1.7)
      activesupport (= 4.1.7)
      builder (~> 3.1)
    activerecord (4.1.7)
      activemodel (= 4.1.7)
      activesupport (= 4.1.7)
      arel (~> 5.0.0)
    activesupport (4.1.7)
      i18n (~> 0.6, >= 0.6.9)
      json (~> 1.7, >= 1.7.7)
      minitest (~> 5.1)
      thread_safe (~> 0.1)
      tzinfo (~> 1.1)
    acts-as-taggable-on (3.5.0)
      activerecord (>= 3.2, < 5)
    addressable (2.3.7)
    annotate (2.6.8)
      activerecord (>= 3.2, <= 4.3)
      rake (~> 10.4)
    apipie-rails (0.2.6)
      json
    arel (5.0.1.20140414130214)
    ast (2.0.0)
    astrolabe (1.3.0)
      parser (>= 2.2.0.pre.3, < 3.0)
    awesome_print (1.6.1)
    axiom-types (0.1.1)
      descendants_tracker (~> 0.0.4)
      ice_nine (~> 0.11.0)
      thread_safe (~> 0.3, >= 0.3.1)
    azure (0.6.4)
      json (~> 1.8)
      mime-types (~> 1.0)
      nokogiri (~> 1.5)
      systemu (~> 2.6)
      uuid (~> 2.0)
    bcrypt (3.1.10)
    bcrypt (3.1.10-x86-mingw32)
    binding_of_caller (0.7.2)
      debug_inspector (>= 0.0.1)
    bower-rails (0.9.2)
    brakeman (3.0.1)
      erubis (~> 2.6)
      fastercsv (~> 1.5)
      haml (>= 3.0, < 5.0)
      highline (~> 1.6)
      multi_json (~> 1.2)
      ruby2ruby (= 2.0.3)
      ruby_parser (~> 3.1.1)
      sass (~> 3.0)
      slim (~> 1.3.6)
      terminal-table (~> 1.4)
    builder (3.2.2)
    capybara (2.4.4)
      mime-types (>= 1.16)
      nokogiri (>= 1.3.3)
      rack (>= 1.0.0)
      rack-test (>= 0.5.4)
      xpath (~> 2.0)
    capybara-angular (0.1.0)
      capybara
    capybara-webkit (1.4.1)
      capybara (>= 2.3.0, < 2.5.0)
      json
    codeclimate-test-reporter (0.4.7)
      simplecov (>= 0.7.1, < 1.0.0)
    coderay (1.1.0)
    coercible (1.0.0)
      descendants_tracker (~> 0.0.1)
    daemons (1.2.2)
    database_cleaner (1.3.0)
    debug_inspector (0.0.2)
    delayed_job (4.0.6)
      activesupport (>= 3.0, < 5.0)
    delayed_job_active_record (4.0.3)
      activerecord (>= 3.0, < 5.0)
      delayed_job (>= 3.0, < 4.1)
    descendants_tracker (0.0.4)
      thread_safe (~> 0.3, >= 0.3.1)
    devise (3.4.1)
      bcrypt (~> 3.0)
      orm_adapter (~> 0.1)
      railties (>= 3.2.6, < 5)
      responders
      thread_safe (~> 0.1)
      warden (~> 1.2.3)
    diff-lcs (1.2.5)
    docile (1.1.5)
    domain_name (0.5.23)
      unf (>= 0.0.5, < 1.0.0)
    dotenv (2.0.0)
    dotenv-rails (2.0.0)
      dotenv (= 2.0.0)
    equalizer (0.0.11)
    erubis (2.7.0)
    excon (0.44.4)
    execjs (2.4.0)
    factory_girl (4.5.0)
      activesupport (>= 3.0.0)
    factory_girl_rails (4.5.0)
      factory_girl (~> 4.5.0)
      railties (>= 3.0.0)
    fastercsv (1.5.5)
    ffi (1.9.8-x86-mingw32)
    fog-azure (0.0.1)
      fog-core (~> 1.27)
      fog-json (~> 1.0)
      fog-xml (~> 0.1)
    fog-core (1.29.0)
      builder
      excon (~> 0.38)
      formatador (~> 0.2)
      mime-types
      net-scp (~> 1.1)
      net-ssh (>= 2.1.3)
    fog-json (1.0.0)
      multi_json (~> 1.0)
    fog-xml (0.1.1)
      fog-core
      nokogiri (~> 1.5, >= 1.5.11)
    formatador (0.2.5)
    friendly_id (5.1.0)
      activerecord (>= 4.0.0)
    haml (4.0.6)
      tilt
    highline (1.7.1)
    hike (1.2.3)
    http-cookie (1.0.2)
      domain_name (~> 0.5)
    httparty (0.13.3)
      json (~> 1.8)
      multi_xml (>= 0.5.2)
    i18n (0.7.0)
    ice_nine (0.11.1)
    jbuilder (2.2.12)
      activesupport (>= 3.0.0, < 5)
      multi_json (~> 1.2)
    jellyfish-azure (0.0.3)
      azure
      dotenv-rails
      fog-azure
      rails
    json (1.8.2)
    launchy (2.4.3)
      addressable (~> 2.3)
    license_finder (2.0.3)
      bundler
      httparty
      thor
      xml-simple
    macaddr (1.7.1)
      systemu (~> 2.6.2)
    mail (2.6.3)
      mime-types (>= 1.16, < 3)
    method_source (0.8.2)
    mime-types (1.25.1)
    mini_portile (0.6.2)
    minitest (5.5.1)
    multi_json (1.11.0)
    multi_xml (0.5.5)
    net-scp (1.2.1)
      net-ssh (>= 2.6.5)
    net-ssh (2.9.2)
    netrc (0.10.3)
    nokogiri (1.6.6.2)
      mini_portile (~> 0.6.0)
    nokogiri (1.6.6.2-x86-mingw32)
      mini_portile (~> 0.6.0)
    orm_adapter (0.5.0)
    paper_trail (3.0.7)
      activerecord (>= 3.0, < 5.0)
      activesupport (>= 3.0, < 5.0)
    paranoia (2.1.1)
      activerecord (~> 4.0)
    parser (2.2.0.3)
      ast (>= 1.1, < 3.0)
    pg (0.17.1)
    pg (0.17.1-x86-mingw32)
    pg_search (0.7.9)
      activerecord (>= 3.1)
      activesupport (>= 3.1)
      arel
    powerpack (0.1.0)
    pry (0.10.1)
      coderay (~> 1.1.0)
      method_source (~> 0.8.1)
      slop (~> 3.4)
    pry (0.10.1-x86-mingw32)
      coderay (~> 1.1.0)
      method_source (~> 0.8.1)
      slop (~> 3.4)
      win32console (~> 1.3)
    pry-rails (0.3.3)
      pry (>= 0.9.10)
    puma (2.11.1)
      rack (>= 1.1, < 2.0)
    pundit (0.3.0)
      activesupport (>= 3.0.0)
    rack (1.5.2)
    rack-cors (0.3.1)
    rack-test (0.6.3)
      rack (>= 1.0)
    rails (4.1.7)
      actionmailer (= 4.1.7)
      actionpack (= 4.1.7)
      actionview (= 4.1.7)
      activemodel (= 4.1.7)
      activerecord (= 4.1.7)
      activesupport (= 4.1.7)
      bundler (>= 1.3.0, < 2.0)
      railties (= 4.1.7)
      sprockets-rails (~> 2.0)
    rails-assets-angucomplete-alt (0.0.38)
      rails-assets-angular (>= 1.2.0)
    rails-assets-angular (1.3.15)
    rails-assets-angular-animate (1.3.15)
      rails-assets-angular (= 1.3.15)
    rails-assets-angular-bootstrap (0.11.2)
      rails-assets-angular (>= 1)
    rails-assets-angular-cookies (1.3.15)
      rails-assets-angular (= 1.3.15)
    rails-assets-angular-gravatar (0.3.1)
      rails-assets-angular (>= 1.0.0, < 1.4.0)
    rails-assets-angular-loading-bar (0.7.1)
      rails-assets-angular (>= 1.2.9, < 2)
    rails-assets-angular-progress-arc (1.0.0)
      rails-assets-angular (>= 1.2.19)
    rails-assets-angular-resource (1.3.15)
      rails-assets-angular (= 1.3.15)
    rails-assets-angular-sanitize (1.3.15)
      rails-assets-angular (= 1.3.15)
    rails-assets-angular-smart-table (2.0.1)
      rails-assets-angular
    rails-assets-angular-ui-router (0.2.13)
      rails-assets-angular (>= 1.0.8)
    rails-assets-angular-ui-select (0.11.2)
      rails-assets-angular (>= 1.2.18)
    rails-assets-angularjs (1.3.15)
    rails-assets-bootstrap (3.3.4)
      rails-assets-jquery (>= 1.9.1)
    rails-assets-bootstrap-sass (3.3.4)
      rails-assets-jquery (>= 1.9.0)
    rails-assets-fontawesome (4.3.0)
    rails-assets-jquery (2.1.3)
    rails-assets-lodash (3.6.0)
    rails-assets-microplugin (0.0.3)
    rails-assets-ng-currency (0.8.3)
      rails-assets-angular (~> 1.3.4)
    rails-assets-selectize (0.12.0)
      rails-assets-jquery (>= 1.7.0)
      rails-assets-microplugin (~> 0.0.0)
      rails-assets-sifter (~> 0.4.0)
    rails-assets-sifter (0.4.1)
    rails_12factor (0.0.3)
      rails_serve_static_assets
      rails_stdout_logging
    rails_serve_static_assets (0.0.4)
    rails_stdout_logging (0.0.3)
    railties (4.1.7)
      actionpack (= 4.1.7)
      activesupport (= 4.1.7)
      rake (>= 0.8.7)
      thor (>= 0.18.1, < 2.0)
    rainbow (2.0.0)
    rake (10.4.2)
    rdoc (4.2.0)
    responders (1.1.2)
      railties (>= 3.2, < 4.2)
    rest-client (1.8.0)
      http-cookie (>= 1.0.2, < 2.0)
      mime-types (>= 1.16, < 3.0)
      netrc (~> 0.7)
    rest-client (1.8.0-x86-mingw32)
      ffi (~> 1.9)
      http-cookie (>= 1.0.2, < 2.0)
      mime-types (>= 1.16, < 3.0)
      netrc (~> 0.7)
    rspec-core (3.2.2)
      rspec-support (~> 3.2.0)
    rspec-expectations (3.2.0)
      diff-lcs (>= 1.2.0, < 2.0)
      rspec-support (~> 3.2.0)
    rspec-mocks (3.2.1)
      diff-lcs (>= 1.2.0, < 2.0)
      rspec-support (~> 3.2.0)
    rspec-rails (3.2.1)
      actionpack (>= 3.0, < 4.3)
      activesupport (>= 3.0, < 4.3)
      railties (>= 3.0, < 4.3)
      rspec-core (~> 3.2.0)
      rspec-expectations (~> 3.2.0)
      rspec-mocks (~> 3.2.0)
      rspec-support (~> 3.2.0)
    rspec-support (3.2.2)
    rubocop (0.29.1)
      astrolabe (~> 1.3)
      parser (>= 2.2.0.1, < 3.0)
      powerpack (~> 0.1)
      rainbow (>= 1.99.1, < 3.0)
      ruby-progressbar (~> 1.4)
    ruby-progressbar (1.7.5)
    ruby-saml (0.9.1)
      nokogiri (~> 1.6.0)
      uuid (~> 2.3)
    ruby2ruby (2.0.3)
      ruby_parser (~> 3.1)
      sexp_processor (~> 4.0)
    ruby_parser (3.1.3)
      sexp_processor (~> 4.1)
    rufus-scheduler (3.0.9)
      tzinfo
    sass (3.4.13)
    sdoc (0.4.1)
      json (~> 1.7, >= 1.7.7)
      rdoc (~> 4.0)
    seed_dump (3.2.2)
      activerecord (~> 4)
      activesupport (~> 4)
    sexp_processor (4.5.0)
    shoulda-matchers (2.8.0)
      activesupport (>= 3.0.0)
    simplecov (0.9.2)
      docile (~> 1.1.0)
      multi_json (~> 1.0)
      simplecov-html (~> 0.9.0)
    simplecov-html (0.9.0)
    slim (1.3.9)
      temple (~> 0.6.3)
      tilt (~> 1.3, >= 1.3.3)
    slop (3.6.0)
    spring (1.3.3)
    sprockets (2.12.3)
      hike (~> 1.2)
      multi_json (~> 1.0)
      rack (~> 1.0)
      tilt (~> 1.1, != 1.3.0)
    sprockets-rails (2.2.4)
      actionpack (>= 3.0)
      activesupport (>= 3.0)
      sprockets (>= 2.8, < 4.0)
    systemu (2.6.5)
    temple (0.6.10)
    terminal-table (1.4.5)
    thor (0.19.1)
    thread_safe (0.3.5)
    tilt (1.4.1)
    time_for_a_boolean (0.0.5)
      rails
    tzinfo (1.2.2)
      thread_safe (~> 0.1)
    uglifier (2.7.1)
      execjs (>= 0.3.0)
      json (>= 1.8.0)
    unf (0.1.4)
      unf_ext
    unf_ext (0.0.6)
    unf_ext (0.0.6-x86-mingw32)
    uuid (2.3.7)
      macaddr (~> 1.0)
    virtus (1.0.5)
      axiom-types (~> 0.1)
      coercible (~> 1.0)
      descendants_tracker (~> 0.0, >= 0.0.3)
      equalizer (~> 0.0, >= 0.0.9)
    warden (1.2.3)
      rack (>= 1.0)
    web-console (2.0.0)
      activemodel (~> 4.0)
      binding_of_caller (>= 0.7.2)
      railties (~> 4.0)
      sprockets-rails (>= 2.0, < 4.0)
    will_paginate (3.0.7)
    win32console (1.3.2-x86-mingw32)
    xml-simple (1.1.5)
    xpath (2.0.0)
      nokogiri (~> 1.3)

PLATFORMS
  ruby
  x86-mingw32

DEPENDENCIES
  active_model_serializers (~> 0.8.0)
  acts-as-taggable-on
  annotate
  apipie-rails (~> 0.2.6)
  awesome_print
  bcrypt (~> 3.1.7)
  bower-rails
  brakeman
  capybara-angular
  capybara-webkit
  codeclimate-test-reporter
  daemons
  database_cleaner (~> 1.3.0)
  delayed_job_active_record
  devise
  dotenv-rails
  factory_girl_rails (~> 4.0)
  friendly_id
  highline
  jbuilder (~> 2.0)
  jellyfish-azure
  launchy
  license_finder
  paper_trail
  paranoia
  pg (~> 0.17.1)
  pg_search (~> 0.7.8)
  pry-rails
  puma
  pundit
  rack-cors
  rails (= 4.1.7)
  rails-assets-angucomplete-alt!
  rails-assets-angular-animate!
  rails-assets-angular-bootstrap!
  rails-assets-angular-cookies!
  rails-assets-angular-gravatar!
  rails-assets-angular-loading-bar!
  rails-assets-angular-progress-arc!
  rails-assets-angular-resource!
  rails-assets-angular-sanitize!
  rails-assets-angular-smart-table!
  rails-assets-angular-ui-router!
  rails-assets-angular-ui-select!
  rails-assets-angularjs!
  rails-assets-bootstrap!
  rails-assets-bootstrap-sass!
  rails-assets-fontawesome!
  rails-assets-jquery!
  rails-assets-lodash!
  rails-assets-ng-currency!
  rails-assets-selectize!
  rails_12factor
  rake
  responders
  rest-client
  rspec-rails (~> 3.0)
  rubocop
  ruby-saml
  rufus-scheduler
  sass
  sdoc (~> 0.4.0)
  seed_dump
  shoulda-matchers
  spring
  time_for_a_boolean
  uglifier
  virtus
  web-console (~> 2.0.0)
  will_paginate (~> 3.0.7)
